GEM
  remote: https://rubygems.org/
  specs:
    chunky_png (1.2.8)
    oily_png (1.1.0)
      chunky_png (~> 1.2.7)

PLATFORMS
  x86-mingw32

DEPENDENCIES
  oily_png
